GEM
  remote: https://rubygems.org/
  specs:
    builder (3.2.2)
    cucumber (1.3.10)
      builder (>= 2.1.2)
      diff-lcs (>= 1.1.3)
      gherkin (~> 2.12)
      multi_json (>= 1.7.5, < 2.0)
      multi_test (>= 0.0.2)
    diff-lcs (1.2.5)
    gherkin (2.12.2)
      multi_json (~> 1.3)
    httparty (0.12.0)
      json (~> 1.8)
      multi_xml (>= 0.5.2)
    json (1.8.1)
    json-schema (2.1.3)
    multi_json (1.8.2)
    multi_test (0.0.2)
    multi_xml (0.5.5)
    rake (10.1.0)
    uri_template (0.6.0)

PLATFORMS
  ruby

DEPENDENCIES
  cucumber
  httparty
  json-schema
  rake
  uri_template
